ObjectType = Image
NDims = 3
BinaryData = True
BinaryDataByteOrderMSB = False
CompressedData = False
TransformMatrix = 1 0 0 0 1 0 0 0 1
Offset = 0 0 0
CenterOfRotation = 0 0 0
AnatomicalOrientation = RAI
ElementSpacing = 0.5 0.5 0.5
DimSize = 280 520 107
ElementType = MET_UCHAR
ElementDataFile = pc_1344613780_crop_res.raw
